PATH
  remote: .
  specs:
    ffcrm_cloudfuji (1.0.0)
      authlogic_cloudfuji (~> 0.9)
      cloudfuji
      fat_free_crm (>= 0.11.2)

GEM
  remote: http://rubygems.org/
  specs:
    actionmailer (3.2.3)
      actionpack (= 3.2.3)
      mail (~> 2.4.4)
    actionpack (3.2.3)
      activemodel (= 3.2.3)
      activesupport (= 3.2.3)
      builder (~> 3.0.0)
      erubis (~> 2.7.0)
      journey (~> 1.0.1)
      rack (~> 1.4.0)
      rack-cache (~> 1.2)
      rack-test (~> 0.6.1)
      sprockets (~> 2.1.2)
    activemodel (3.2.3)
      activesupport (= 3.2.3)
      builder (~> 3.0.0)
    activerecord (3.2.3)
      activemodel (= 3.2.3)
      activesupport (= 3.2.3)
      arel (~> 3.0.2)
      tzinfo (~> 0.3.29)
    activeresource (3.2.3)
      activemodel (= 3.2.3)
      activesupport (= 3.2.3)
    activesupport (3.2.3)
      i18n (~> 0.6)
      multi_json (~> 1.0)
    acts-as-taggable-on (2.2.2)
      rails (~> 3.0)
    acts_as_commentable (3.0.1)
    acts_as_list (0.1.6)
    addressable (2.2.8)
    ajax-chosen-rails (0.2.0)
      chosen-rails_ffcrm
      railties (~> 3.0)
      thor (~> 0.14)
    arel (3.0.2)
    authlogic (3.1.0)
      activerecord (>= 3.0.7)
      activerecord (>= 3.0.7)
    authlogic_cloudfuji (0.9.4)
      authlogic
      rubycas-client (= 2.2.1)
    builder (3.0.0)
    cancan (1.6.7)
    chosen-rails_ffcrm (0.9.5)
      railties (~> 3.0)
      thor (~> 0.14)
    chronic (0.6.7)
    cloudfuji (0.0.39)
      highline (>= 1.6.1)
      json (>= 1.4.6)
      orm_adapter (~> 0.0.3)
      rest-client (>= 1.6.1)
    cocaine (0.2.1)
    css_parser (1.2.6)
      addressable
      rdoc
    dynamic_form (1.1.4)
    email_reply_parser_ffcrm (0.5.0)
    erubis (2.7.0)
    fat_free_crm (0.11.3)
      acts-as-taggable-on (~> 2.2.1)
      acts_as_commentable (~> 3.0.1)
      acts_as_list (~> 0.1.4)
      ajax-chosen-rails (>= 0.2.0)
      authlogic (~> 3.1.0)
      cancan
      chosen-rails_ffcrm
      dynamic_form
      email_reply_parser_ffcrm
      ffaker (>= 1.12.0)
      haml (~> 3.1.3)
      jquery-rails
      nokogiri
      paper_trail
      paperclip (~> 2.7.0)
      premailer
      prototype-rails
      rails (~> 3.2.2)
      ransack_ffcrm (~> 0.6.0)
      responds_to_parent_ffcrm
      sass (~> 3.1.10)
      simple_form (~> 2.0.1)
      squeel (~> 0.9.3)
      will_paginate (~> 3.0.2)
    ffaker (1.14.0)
    haml (3.1.5)
    highline (1.6.11)
    hike (1.2.1)
    htmlentities (4.3.1)
    i18n (0.6.0)
    journey (1.0.3)
    jquery-rails (2.0.2)
      railties (>= 3.2.0, < 5.0)
      thor (~> 0.14)
    json (1.7.0)
    mail (2.4.4)
      i18n (>= 0.4.0)
      mime-types (~> 1.16)
      treetop (~> 1.4.8)
    mime-types (1.18)
    multi_json (1.3.4)
    nokogiri (1.5.2)
    orm_adapter (0.0.7)
    paper_trail (2.6.3)
      activerecord (~> 3.0)
      railties (~> 3.0)
    paperclip (2.7.0)
      activerecord (>= 2.3.0)
      activesupport (>= 2.3.2)
      cocaine (>= 0.0.2)
      mime-types
    polyamorous (0.5.0)
      activerecord (~> 3.0)
    polyglot (0.3.3)
    premailer (1.7.3)
      css_parser (>= 1.1.9)
      htmlentities (>= 4.0.0)
    prototype-rails (3.2.1)
      rails (~> 3.2)
    rack (1.4.1)
    rack-cache (1.2)
      rack (>= 0.4)
    rack-ssl (1.3.2)
      rack
    rack-test (0.6.1)
      rack (>= 1.0)
    rails (3.2.3)
      actionmailer (= 3.2.3)
      actionpack (= 3.2.3)
      activerecord (= 3.2.3)
      activeresource (= 3.2.3)
      activesupport (= 3.2.3)
      bundler (~> 1.0)
      railties (= 3.2.3)
    railties (3.2.3)
      actionpack (= 3.2.3)
      activesupport (= 3.2.3)
      rack-ssl (~> 1.3.2)
      rake (>= 0.8.7)
      rdoc (~> 3.4)
      thor (~> 0.14.6)
    rake (0.9.2.2)
    ransack_ffcrm (0.6.0)
      actionpack (~> 3.0)
      activerecord (~> 3.0)
      chronic (~> 0.6.7)
      polyamorous (~> 0.5.0)
    rdoc (3.12)
      json (~> 1.4)
    responds_to_parent_ffcrm (1.1.0)
    rest-client (1.6.7)
      mime-types (>= 1.16)
    rubycas-client (2.2.1)
      activesupport
    sass (3.1.16)
    simple_form (2.0.2)
      actionpack (~> 3.0)
      activemodel (~> 3.0)
    sprockets (2.1.3)
      hike (~> 1.2)
      rack (~> 1.0)
      tilt (~> 1.1, != 1.3.0)
    squeel (0.9.5)
      activerecord (~> 3.0)
      activesupport (~> 3.0)
      polyamorous (~> 0.5.0)
    thor (0.14.6)
    tilt (1.3.3)
    treetop (1.4.10)
      polyglot
      polyglot (>= 0.3.1)
    tzinfo (0.3.33)
    will_paginate (3.0.3)

PLATFORMS
  ruby

DEPENDENCIES
  fat_free_crm
  ffcrm_cloudfuji!
